GEM
  remote: https://rubygems.org/
  specs:
    colorize (0.8.1)
    sequel (5.0.0)
    sqlite3 (1.3.13)

PLATFORMS
  ruby

DEPENDENCIES
  colorize
  sequel
  sqlite3

BUNDLED WITH
   1.15.4
